GEM
  remote: http://rubygems.org/
  specs:
    RedCloth (4.2.2)
    actionmailer (2.3.4)
      actionpack (= 2.3.4)
    actionpack (2.3.4)
      activesupport (= 2.3.4)
      rack (~> 1.0.0)
    activerecord (2.3.4)
      activesupport (= 2.3.4)
    activeresource (2.3.4)
      activesupport (= 2.3.4)
    activesupport (2.3.4)
    authlogic (2.1.3)
      activesupport
    bard-rake (0.1.1)
    builder (2.1.2)
    chronic (0.2.3)
      hoe (>= 1.2.1)
    columnize (0.3.1)
    compass (0.8.17)
      haml (>= 2.2.0)
    cucumber (0.4.3)
      builder (= 2.1.2)
      diff-lcs (= 1.1.2)
      polyglot (= 0.2.9)
      term-ansicolor (= 1.0.4)
      treetop (= 1.4.2)
    diff-lcs (1.1.2)
    faker (0.3.1)
    haml (2.2.22)
    hoe (2.6.2)
      rake (>= 0.8.7)
      rubyforge (>= 2.0.4)
    json_pure (1.4.6)
    libxml-ruby (1.1.4)
    linecache (0.43)
    machinist (1.0.6)
    mysql (2.8.1)
    nokogiri (1.4.3.1)
    paperclip (2.1.2)
    pickle (0.2.1)
    polyglot (0.2.9)
    rack (1.0.1)
    rails (2.3.4)
      actionmailer (= 2.3.4)
      actionpack (= 2.3.4)
      activerecord (= 2.3.4)
      activeresource (= 2.3.4)
      activesupport (= 2.3.4)
      rake (>= 0.8.3)
    rake (0.8.7)
    ratom (0.6.2)
      libxml-ruby (>= 1.1.2)
    resource_controller (0.6.6)
    rspec (1.2.9)
    rspec-rails (1.2.9)
      rack (>= 1.0.0)
      rspec (>= 1.2.9)
    ruby-debug (0.10.3)
      columnize (>= 0.1)
      ruby-debug-base (~> 0.10.3.0)
    ruby-debug-base (0.10.3)
      linecache (>= 0.3)
    rubyforge (2.0.4)
      json_pure (>= 1.1.7)
    term-ansicolor (1.0.4)
    treetop (1.4.2)
      polyglot (>= 0.2.5)
    webrat (0.5.3)
      nokogiri (>= 1.2.0)
      rack (>= 1.0)
    whenever (0.3.7)
      chronic (>= 0.2.3)

PLATFORMS
  ruby

DEPENDENCIES
  RedCloth (= 4.2.2)
  authlogic (= 2.1.3)
  bard-rake (= 0.1.1)
  chronic (= 0.2.3)
  compass (= 0.8.17)
  cucumber (= 0.4.3)
  faker (= 0.3.1)
  haml (= 2.2.22)
  machinist (= 1.0.6)
  mysql (= 2.8.1)
  paperclip (= 2.1.2)
  pickle (= 0.2.1)
  rails (= 2.3.4)
  ratom (= 0.6.2)
  resource_controller (= 0.6.6)
  rspec (= 1.2.9)
  rspec-rails (= 1.2.9)
  ruby-debug
  webrat (= 0.5.3)
  whenever (= 0.3.7)
